GEM
  remote: https://rubygems.org/
  specs:
    chunky_png (1.3.1)
    closure-compiler (1.1.11)
    compass (1.0.1)
      chunky_png (~> 1.2)
      compass-core (~> 1.0.1)
      compass-import-once (~> 1.0.5)
      rb-fsevent (>= 0.9.3)
      rb-inotify (>= 0.9)
      sass (>= 3.3.13, < 3.5)
    compass-core (1.0.1)
      multi_json (~> 1.0)
      sass (>= 3.3.0, < 3.5)
    compass-import-once (1.0.5)
      sass (>= 3.2, < 3.5)
    compass-normalize (1.5)
      compass (>= 0.12.0)
    execjs (2.2.1)
    ffi (1.9.5)
    hike (1.2.3)
    json (1.7.7)
    multi_json (1.10.1)
    rack (1.5.2)
    rb-fsevent (0.9.4)
    rb-inotify (0.9.5)
      ffi (>= 0.5.0)
    sass (3.4.5)
    sass-globbing (1.1.1)
      sass (>= 3.1)
    sprockets (2.12.2)
      hike (~> 1.2)
      multi_json (~> 1.0)
      rack (~> 1.0)
      tilt (~> 1.1, != 1.3.0)
    tilt (1.4.1)
    uglifier (2.2.1)
      execjs (>= 0.3.0)
      multi_json (~> 1.0, >= 1.0.2)
    yui-compressor (0.12.0)

PLATFORMS
  ruby

DEPENDENCIES
  closure-compiler
  compass (~> 1.0.0.alpha.18)
  compass-normalize
  json (~> 1.7.7)
  sass
  sass-globbing
  sprockets (~> 2.0)
  uglifier
  yui-compressor
